GEM
  remote: http://rubygems.org/
  specs:
    chunky_png (1.2.8)
    cmdparse (2.0.5)
    coderay (1.0.9)
    coffee-script (2.2.0)
      coffee-script-source
      execjs
    coffee-script-source (1.6.2)
    compass (0.11.5)
      chunky_png (~> 1.2)
      fssm (>= 0.2.7)
      sass (~> 3.1)
    em-websocket (0.5.0)
      eventmachine (>= 0.12.9)
      http_parser.rb (~> 0.5.3)
    eventmachine (1.0.3)
    execjs (1.4.0)
      multi_json (~> 1.0)
    ffi (1.8.1)
    formatador (0.2.4)
    fssm (0.2.10)
    guard (1.7.0)
      formatador (>= 0.2.4)
      listen (>= 0.6.0)
      lumberjack (>= 1.0.2)
      pry (>= 0.9.10)
      thor (>= 0.14.6)
    guard-compass (0.0.6)
      compass (>= 0.10.5)
      guard (>= 0.2.1)
    guard-livereload (1.3.0)
      em-websocket (>= 0.2.0)
      guard (>= 1.5.0)
      multi_json (~> 1.0)
    guard-process (1.0.1)
      guard (>= 0.4.2)
    guard-uglify (0.1.0)
      guard (>= 0.2.2)
      uglifier
    http_parser.rb (0.5.3)
    juicer (1.0.21)
      cmdparse
      nokogiri (>= 1.5.0)
      rubyzip
    libv8 (3.11.8.17)
    listen (0.7.3)
    lumberjack (1.0.4)
    method_source (0.8.1)
    mini_portile (0.5.0)
    multi_json (1.7.2)
    nokogiri (1.6.0)
      mini_portile (~> 0.5.0)
    pry (0.9.12.2)
      coderay (~> 1.0.5)
      method_source (~> 0.8)
      slop (~> 3.4)
    rake (0.9.2.2)
    rb-fsevent (0.9.3)
    rb-inotify (0.8.8)
      ffi (>= 0.5.0)
    ref (1.0.5)
    rubyzip (0.9.9)
    sass (3.1.5)
    slop (3.4.5)
    therubyracer (0.11.4)
      libv8 (~> 3.11.8.12)
      ref
    thor (0.18.1)
    uglifier (1.2.7)
      execjs (>= 0.3.0)
      multi_json (~> 1.3)

PLATFORMS
  ruby

DEPENDENCIES
  coffee-script
  compass (= 0.11.5)
  guard
  guard-compass
  guard-livereload
  guard-process
  guard-uglify
  juicer
  rake
  rb-fsevent
  rb-inotify
  sass (= 3.1.5)
  therubyracer
  uglifier
